NUGET
  remote: https://nuget.org/api/v2
  specs:
    Arachne.Core (2.3.23)
      FParsec (>= 1.0.1)
      FSharp.Core (>= 3.1.2.1)
    Arachne.Uri (2.3.23)
      Arachne.Core (>= 2.3.23)
      FParsec (>= 1.0.1)
      FSharp.Core (>= 3.1.2.1)
    FAKE (4.3.4)
    FParsec (1.0.1)
    FSharp.Compiler.Service (1.4.0.1)
    FSharp.Core (4.0.0.1)
    FSharp.Data (2.2.5)
      Zlib.Portable (>= 1.10.0) - framework: portable-net40+sl50+wp80+win80
    FSharp.Formatting (2.10.0)
      FSharp.Compiler.Service (>= 0.0.87)
      FSharpVSPowerTools.Core (1.8.0)
    FSharpVSPowerTools.Core (1.8.0)
      FSharp.Compiler.Service (>= 0.0.87)
    Microsoft.Bcl (1.1.10)
      Microsoft.Bcl.Build (>= 1.0.14)
    Microsoft.Bcl.Build (1.0.21)
    Microsoft.Net.Http (2.2.29)
      Microsoft.Bcl (>= 1.1.10)
      Microsoft.Bcl.Build (>= 1.0.14)
    NUnit (2.6.4)
    NUnit.Runners (2.6.4)
    Octokit (0.14.0) - framework: portable-net40+sl50+wp80+win80
      Microsoft.Net.Http
    SourceLink.Fake (1.1.0)
    Zlib.Portable (1.11.0) - framework: portable-net40+sl50+wp80+win80
GITHUB
  remote: fsharp/FAKE
  specs:
    modules/Octokit/Octokit.fsx (a1f4a9e19ba5745ca7b8a3b6a0382ee70d692f26)
      Octokit